FRAMEWORK: NET40
NUGET
  remote: https://www.nuget.org/api/v2
    FAKE (4.60)
    FSharp.Core (4.1.17)
      System.ValueTuple (>= 4.3)
    System.ValueTuple (4.3)
    YamlDotNet (4.1)
