RESTRICTION: == net40
NUGET
  remote: https://www.nuget.org/api/v2
    AngleSharp (0.9.9)
      Microsoft.Bcl.Async (>= 1.0.168)
    dotless (1.5.2)
    FAKE (4.61.2)
    FSharp.Core (4.1.17)
      System.ValueTuple (>= 4.3)
    Microsoft.Bcl (1.1.10)
      Microsoft.Bcl.Build (>= 1.0.14)
    Microsoft.Bcl.Async (1.0.168)
      Microsoft.Bcl (>= 1.1.8)
    Microsoft.Bcl.Build (1.0.21) - import_targets: false
    Newtonsoft.Json (10.0.2)
    System.ValueTuple (4.3.1)
    YamlDotNet (4.2)
